GEM
  specs:
    minitest (5.15.0)

PLATFORMS
  x86_64-darwin-19

DEPENDENCIES
  minitest

BUNDLED WITH
   2.2.21
